GEM
  remote: https://rubygems.org/
  specs:
    pathname (0.2.1)

PLATFORMS
  arm64-darwin-21

DEPENDENCIES
  pathname (~> 0.2.1)

BUNDLED WITH
   2.4.3
